RESTRICTION: == net6.0
NUGET
  remote: https://api.nuget.org/v3/index.json
    Expecto (9.0.4)
      FSharp.Core (>= 4.6)
      Mono.Cecil (>= 0.11.3)
    Expecto.FsCheck (9.0.4)
      Expecto (>= 9.0.4)
      FsCheck (>= 2.14.3)
    FsCheck (2.16.6)
      FSharp.Core (>= 4.2.3)
    FSharp.Core (6.0) - redirects: force
    FsHttp (14.5)
      FSharp.Core (>= 5.0.2)
    Mono.Cecil (0.11.5)
    NicoVIII.FSharp.Json (0.6)
      FSharp.Core (>= 4.3.4)
