STORAGE: NONE
RESTRICTION: || (== net6.0) (== netstandard2.0)
NUGET
  remote: https://api.nuget.org/v3/index.json
    Expecto (9.0.4)
      FSharp.Core (>= 4.6)
      Mono.Cecil (>= 0.11.3)
    Expecto.FsCheck (9.0.4)
      Expecto (>= 9.0.4)
      FsCheck (>= 2.14.3)
    FsCheck (2.16.5)
      FSharp.Core (>= 4.2.3)
    FSharp.Core (5.0) - redirects: force
    FSharp.Data (4.2.8)
      FSharp.Core (>= 4.7.2)
    FsHttp (6.0.1)
      FSharp.Core (>= 5.0)
      FSharp.Data (>= 4.0.1)
    Mono.Cecil (0.11.4)
    NicoVIII.FSharp.Json (0.5)
      FSharp.Core (>= 4.3.4)
