STORAGE: NONE
RESTRICTION: || (== net6.0) (== netstandard2.0)
NUGET
  remote: https://api.nuget.org/v3/index.json
    Expecto (9.0.4)
      FSharp.Core (>= 4.6)
      Mono.Cecil (>= 0.11.3)
    Expecto.FsCheck (9.0.4)
      Expecto (>= 9.0.4)
      FsCheck (>= 2.14.3)
    FsCheck (2.16.5)
      FSharp.Core (>= 4.2.3)
    FSharp.Core (5.0) - redirects: force
    FsHttp (9.1.2)
      FSharp.Core (>= 5.0)
      System.Text.Json (>= 5.0) - restriction: || (&& (== net6.0) (< net5.0)) (&& (== net6.0) (< netstandard2.1)) (== netstandard2.0)
    Microsoft.Bcl.AsyncInterfaces (6.0) - restriction: || (&& (== net6.0) (>= net461)) (&& (== net6.0) (< netcoreapp3.1)) (&& (== net6.0) (< netstandard2.1)) (== netstandard2.0)
      System.Threading.Tasks.Extensions (>= 4.5.4) - restriction: || (&& (== net6.0) (>= net461)) (&& (== net6.0) (< netstandard2.1)) (== netstandard2.0)
    Mono.Cecil (0.11.4)
    NicoVIII.FSharp.Json (0.6)
      FSharp.Core (>= 4.3.4)
    System.Buffers (4.5.1) - restriction: || (&& (== net6.0) (>= net461)) (&& (== net6.0) (< netcoreapp3.1)) (&& (== net6.0) (< netstandard2.1)) (== netstandard2.0)
    System.Memory (4.5.5) - restriction: || (&& (== net6.0) (>= net461)) (&& (== net6.0) (< netcoreapp3.1)) (&& (== net6.0) (< netstandard2.1)) (== netstandard2.0)
      System.Buffers (>= 4.5.1) - restriction: || (&& (== net6.0) (>= monotouch)) (&& (== net6.0) (>= net461)) (&& (== net6.0) (< netcoreapp2.0)) (&& (== net6.0) (< netstandard1.1)) (&& (== net6.0) (< netstandard2.0)) (&& (== net6.0) (>= xamarinios)) (&& (== net6.0) (>= xamarinmac)) (&& (== net6.0) (>= xamarintvos)) (&& (== net6.0) (>= xamarinwatchos)) (== netstandard2.0)
      System.Numerics.Vectors (>= 4.4) - restriction: || (&& (== net6.0) (< netcoreapp2.0)) (== netstandard2.0)
      System.Runtime.CompilerServices.Unsafe (>= 4.5.3) - restriction: || (&& (== net6.0) (>= monotouch)) (&& (== net6.0) (>= net461)) (&& (== net6.0) (< netcoreapp2.0)) (&& (== net6.0) (< netcoreapp2.1)) (&& (== net6.0) (< netstandard1.1)) (&& (== net6.0) (< netstandard2.0)) (&& (== net6.0) (>= uap10.1)) (&& (== net6.0) (>= xamarinios)) (&& (== net6.0) (>= xamarinmac)) (&& (== net6.0) (>= xamarintvos)) (&& (== net6.0) (>= xamarinwatchos)) (== netstandard2.0)
    System.Numerics.Vectors (4.5) - restriction: || (&& (== net6.0) (>= net461)) (&& (== net6.0) (< netcoreapp3.1)) (&& (== net6.0) (< netstandard2.1)) (== netstandard2.0)
    System.Runtime.CompilerServices.Unsafe (6.0) - restriction: || (&& (== net6.0) (>= net461)) (&& (== net6.0) (< net5.0)) (&& (== net6.0) (< netstandard2.1)) (== netstandard2.0)
    System.Text.Encodings.Web (6.0) - restriction: || (&& (== net6.0) (>= net461)) (&& (== net6.0) (< net5.0)) (&& (== net6.0) (< netstandard2.1)) (== netstandard2.0)
      System.Buffers (>= 4.5.1) - restriction: || (&& (== net6.0) (>= net461)) (&& (== net6.0) (< netcoreapp3.1)) (== netstandard2.0)
      System.Memory (>= 4.5.4) - restriction: || (&& (== net6.0) (>= net461)) (&& (== net6.0) (< netcoreapp3.1)) (== netstandard2.0)
      System.Runtime.CompilerServices.Unsafe (>= 6.0)
    System.Text.Json (6.0.4) - restriction: || (&& (== net6.0) (< net5.0)) (&& (== net6.0) (< netstandard2.1)) (== netstandard2.0)
      Microsoft.Bcl.AsyncInterfaces (>= 6.0) - restriction: || (&& (== net6.0) (>= net461)) (&& (== net6.0) (< netcoreapp3.1)) (== netstandard2.0)
      System.Buffers (>= 4.5.1) - restriction: || (&& (== net6.0) (>= net461)) (&& (== net6.0) (< netcoreapp3.1)) (== netstandard2.0)
      System.Memory (>= 4.5.4) - restriction: || (&& (== net6.0) (>= net461)) (&& (== net6.0) (< netcoreapp3.1)) (== netstandard2.0)
      System.Numerics.Vectors (>= 4.5) - restriction: || (&& (== net6.0) (>= net461)) (&& (== net6.0) (< netcoreapp3.1)) (== netstandard2.0)
      System.Runtime.CompilerServices.Unsafe (>= 6.0)
      System.Text.Encodings.Web (>= 6.0)
      System.Threading.Tasks.Extensions (>= 4.5.4) - restriction: || (&& (== net6.0) (>= net461)) (&& (== net6.0) (< netcoreapp3.1)) (== netstandard2.0)
    System.Threading.Tasks.Extensions (4.5.4) - restriction: || (&& (== net6.0) (>= net461)) (&& (== net6.0) (< netcoreapp3.1)) (&& (== net6.0) (< netstandard2.1)) (== netstandard2.0)
      System.Runtime.CompilerServices.Unsafe (>= 4.5.3) - restriction: || (&& (== net6.0) (>= net461)) (&& (== net6.0) (< netcoreapp2.1)) (&& (== net6.0) (< netstandard1.0)) (&& (== net6.0) (< netstandard2.0)) (&& (== net6.0) (>= wp8)) (== netstandard2.0)
